GEM
  remote: http://rubygems.org/
  specs:
    git (1.2.5)
    jeweler (1.5.1)
      bundler (~> 1.0.0)
      git (>= 1.2.5)
      rake
    rack (1.2.1)
    rack-test (0.6.1)
      rack (>= 1.0)
    rake (0.8.7)
    rcov (0.9.9)
    shoulda (2.11.3)
    sinatra (1.2.7)
      rack (~> 1.1)
      tilt (>= 1.2.2, < 2.0)
    tilt (1.3.3)
    yajl-ruby (0.7.8)

PLATFORMS
  ruby

DEPENDENCIES
  jeweler
  rack
  rack-test
  rcov
  shoulda
  sinatra
  yajl-ruby
